REDIRECTS: ON
RESTRICTION: == net462
NUGET
  remote: https://api.nuget.org/v3/index.json
    Antlr (3.5.0.2)
    Autofac (4.9.1)
    Autofac.Mvc5 (4.0.2)
      Autofac (>= 4.0.1 < 5.0)
      Microsoft.AspNet.Mvc (>= 5.1 < 6.0)
    bootstrap (3.3.2)
      jQuery (>= 1.9.1)
    DotNet.Highcharts (4.0)
    EntityFramework (6.2)
    FluentMigrator (1.6.1)
    FluentMigrator.Runner (1.6.1)
      FluentMigrator (>= 1.6.1)
    Foolproof (0.9.4518)
      Microsoft.AspNet.Mvc (>= 5.2.3)
    jQuery (3.3.1)
    jQuery.UI.Combined (1.12.1)
      jQuery (>= 1.12.4)
    Microsoft.AspNet.Mvc (5.2.7)
      Microsoft.AspNet.Razor (>= 3.2.7 < 3.3)
      Microsoft.AspNet.WebPages (>= 3.2.7 < 3.3)
    Microsoft.AspNet.Razor (3.2.7)
    Microsoft.AspNet.Web.Optimization (1.1.3)
      Microsoft.Web.Infrastructure (>= 1.0)
      WebGrease (>= 1.5.2)
    Microsoft.AspNet.WebPages (3.2.7)
      Microsoft.AspNet.Razor (>= 3.2.7 < 3.3)
      Microsoft.Web.Infrastructure (>= 1.0)
    Microsoft.Web.Infrastructure (1.0)
    Newtonsoft.Json (12.0.1)
    OctoPack (3.6.4)
    Select2.js (4.0.5)
      jQuery (>= 1.7)
    WebActivatorEx (2.2)
      Microsoft.Web.Infrastructure (>= 1.0)
    WebGrease (1.6)
      Antlr (>= 3.4.1.9004)
      Newtonsoft.Json (>= 5.0.4)
    xunit (2.4.1)
      xunit.analyzers (>= 0.10)
      xunit.assert (2.4.1)
      xunit.core (2.4.1)
    xunit.abstractions (2.0.3)
    xunit.analyzers (0.10)
    xunit.assert (2.4.1)
    xunit.core (2.4.1)
      xunit.extensibility.core (2.4.1)
      xunit.extensibility.execution (2.4.1)
    xunit.extensibility.core (2.4.1)
      xunit.abstractions (>= 2.0.3)
    xunit.extensibility.execution (2.4.1)
      xunit.extensibility.core (2.4.1)
